GIT
  remote: git@github.com:zurb/foundation.git
  revision: 6a63ee7ba3cfe92bbea13d7bb8c17bdc53f4e99f
  specs:
    zurb-foundation (4.3.1)
      sass (>= 3.2.0)

GEM
  remote: https://rubygems.org/
  specs:
    chunky_png (1.2.8)
    compass (0.12.2)
      chunky_png (~> 1.2)
      fssm (>= 0.2.7)
      sass (~> 3.1)
    fssm (0.2.10)
    sass (3.2.10)

PLATFORMS
  ruby

DEPENDENCIES
  compass
  zurb-foundation!
